GEM
  remote: https://rubygems.org/
  specs:
    ffi (1.9.25)
    ffi-locale (1.0.1)
      ffi (>= 1.0.9)
    ffi-ncurses (0.4.0)
      ffi (>= 1.0.9)
      ffi-locale (>= 1.0.0)
    json (2.1.0)
    unicode-display_width (1.4.0)
    whirly (0.2.6)
      unicode-display_width (~> 1.1)

PLATFORMS
  ruby

DEPENDENCIES
  ffi-ncurses
  json
  whirly

BUNDLED WITH
   1.16.3
