GEM
  remote: https://rubygems.org/
  specs:
    json (2.1.0)
    unicode-display_width (1.4.0)
    whirly (0.2.6)
      unicode-display_width (~> 1.1)

PLATFORMS
  ruby

DEPENDENCIES
  json
  whirly

BUNDLED WITH
   1.15.3
